GEM
  remote: https://rubygems.org/
  specs:
    awesome_print (1.8.0)
    byebug (11.1.3)
    childprocess (3.0.0)
    rubyzip (2.3.0)
    selenium-webdriver (3.142.7)
      childprocess (>= 0.5, < 4.0)
      rubyzip (>= 1.2.2)
    warning (1.1.0)

PLATFORMS
  ruby

DEPENDENCIES
  awesome_print (~> 1.8)
  byebug (~> 11.1, >= 11.1.3)
  selenium-webdriver (~> 3.142, >= 3.142.7)
  warning

BUNDLED WITH
   2.1.4
