GEM
  specs:
    awesome_print (1.8.0)
    childprocess (3.0.0)
    rubyzip (2.3.0)
    selenium-webdriver (3.142.7)
      childprocess (>= 0.5, < 4.0)
      rubyzip (>= 1.2.2)

PLATFORMS
  ruby

DEPENDENCIES
  awesome_print (~> 1.8)
  selenium-webdriver (~> 3.142, >= 3.142.7)

BUNDLED WITH
   1.17.1
